GEM
  remote: https://rubygems.org/
  specs:
    concurrent-ruby (1.3.4)

PLATFORMS
  ruby
  x86_64-linux

DEPENDENCIES
  concurrent-ruby

BUNDLED WITH
   2.5.11
